GEM
  remote: https://rubygems.org/
  specs:
    google-search (1.0.3)
      json
    json (1.8.3)
    rainbow (2.0.0)

PLATFORMS
  ruby

DEPENDENCIES
  google-search
  rainbow

BUNDLED WITH
   1.10.6
